GEM
  remote: https://rubygems.org/
  specs:
    skype (0.2.8)
      tmp_cache
    terminal-table (1.5.2)
    tmp_cache (0.1.1)

PLATFORMS
  ruby

DEPENDENCIES
  skype
  terminal-table

BUNDLED WITH
   1.10.6
